GEM
  remote: https://rubygems.org/
  specs:
    aws-sdk (2.3.11)
      aws-sdk-resources (= 2.3.11)
    aws-sdk-core (2.3.11)
      jmespath (~> 1.0)
    aws-sdk-resources (2.3.11)
      aws-sdk-core (= 2.3.11)
    coderay (1.1.1)
    docile (1.1.5)
    jmespath (1.6.1)
    json (1.8.3)
    method_source (0.8.2)
    minitest (5.9.0)
    pry (0.10.3)
      coderay (~> 1.1.0)
      method_source (~> 0.8.1)
      slop (~> 3.4)
    simplecov (0.11.2)
      docile (~> 1.1.0)
      json (~> 1.8)
      simplecov-html (~> 0.10.0)
    simplecov-html (0.10.0)
    slop (3.6.0)
    thor (0.19.1)

PLATFORMS
  ruby

DEPENDENCIES
  aws-sdk (~> 2.3.9)
  minitest (~> 5.9.0)
  pry (~> 0.10.3)
  simplecov (~> 0.11.2)
  thor (~> 0.19.1)

BUNDLED WITH
   1.12.5
